##TITLE= Parameter file, TopSpin 3.5 pl 6
##JCAMPDX= 5.0
##DATATYPE= Parameter Values
##NPOINTS= 4501	$$ modification sequence number
##ORIGIN= Bruker BioSpin GmbH
##OWNER= nmrsu
$$ 2018-11-27 10:49:15.849 +0000  nmrsu@cpc-nmr-01
$$ C:/Bruker/TopSpin3.5pl6/conf/instr/SpecDoor/specpar
$$ process C:\Bruker\TopSpin3.5pl6\prog\mod\hconfserver.exe
##$ANCIEN= (0..7)
0 0 0 0 0 0 0 0
##$BF1= 100.13
##$BF2= 100.13
##$BF3= 100.13
##$DEC= 1
##$DECB= 1
##$DEF19F= yes
##$DEFRSEL= yes
##$HPMOD= (0..7)
0 0 0 0 0 0 0 0
##$HPPRECH= (0..15)
-1 -1 -1 -1 -1 -1 -1 -1 -1 -1 -1 -1 -1 -1 -1 -1
##$HPSELECT= no
##$LOCSW19F= -1
##$LOCSW2H= -1
##$NUC1= 1
##$NUC2= 0
##$NUC3= 0
##$NUC4= 0
##$NUC5= 0
##$NUC6= 0
##$NUC7= 0
##$NUC8= 0
##$NUCARR= (0..123)
600.16 600.16 92.128214 640.154506 457.198509 88.320062 233.244964 84.333361
64.479138 192.555178 150.910352 43.354868 60.813685 81.360432 564.714616
47.378407 158.753723 36.739605 156.382845 119.234909 242.949221 46.068282
58.803131 48.947399 28.005704 15.371928 40.390942 145.789349 33.834224
33.843244 59.837806 157.859773 33.92402 148.774971 19.431848 142.400407
53.630604 159.135263 170.467604 37.550829 144.046526 183.029019 20.935471
102.76308 114.459592 31.31468 150.363966 162.082318 23.091756 57.945106
196.375077 26.009866 29.409028 55.792662 146.896182 39.111983 39.932816
135.085969 27.638274 30.976472 19.12378 27.463922 24.293391 27.928644 127.326825
133.194559 131.229515 131.510834 196.364844 213.850566 223.803457 143.621751
77.776037 157.060324 189.349094 120.076928 166.905612 49.476716 78.717838
59.622637 66.695349 79.186911 84.776447 183.768992 32.70872 20.165376 25.026672
20.645504 149.199776 65.897568 18.424912 24.186448 144.278464 20.645504
28.927712 128.074144 17.284608 49.753264 105.023835 28.933714 68.442246
48.79901 24.048411 15.106027 71.956783 25.004988 135.183639 136.546003
13.697638 46.604825 10.310749 11.228994 129.015099 10.376766 107.493589
39.680077 342.830597 346.195322 125.557067 96.441439 11.051346 100 100
100
##$NUCOFFS= (0..127)
<> <> <> <> <> <> <> <> <> <> <> <> <> <> <> <> <> <> <> <> <> <> <> <>
<> <> <> <> <> <> <> <> <> <> <> <> <> <> <> <> <> <> <> <> <> <> <> <>
<> <> <> <> <> <> <> <> <> <> <> <> <> <> <> <> <> <> <> <> <> <> <> <>
<> <> <> <> <> <> <> <> <> <> <> <> <> <> <> <> <> <> <> <> <> <> <> <>
<> <> <> <> <> <> <> <> <> <> <> <> <> <> <> <> <> <> <> <> <> <> <> <>
<> <> <> <> <> <> <> <>
##$OBS= 1
##$OFFS= (0..127)
0 0 0 0 0 0 0 0 0 0 0 0 0 0 0 0 0 0 0 0 0 0 0 0 0 0 0 0 0 0 0 0 0 0 0 0
0 0 0 0 0 0 0 0 0 0 0 0 0 0 0 0 0 0 0 0 0 0 0 0 0 0 0 0 0 0 0 0 0 0 0 0
0 0 0 0 0 0 0 0 0 0 0 0 0 0 0 0 0 0 0 0 0 0 0 0 0 0 0 0 0 0 0 0 0 0 0 0
0 0 0 0 0 0 0 0 0 0 0 0 0 0 0 0 0 0 0 0
##$OFFSF= (0..7)
0 0 0 0 0 0 0 0
##$OFFSH= (0..7)
2850.59999998794 0 0 0 0 0 0 0
##$OFFSX= (0..7)
7470.10000000614 4621.60000000012 0 0 0 0 0 0
##$OFFSXAS= (0..7)
0 0 0 0 0 0 0 0
##$OFSF1= 0
##$OFSF2= 0
##$OFSH1= 0
##$OFSH2= 0
##$OFSH3= 0
##$OFSX1= 0
##$OFSX2= 0
##$OFSY= 0
##$PACOIL= (0..15)
0 0 0 0 0 0 0 0 0 0 0 0 0 0 0 0
##$PRECHAN= (0..15)
-1 1 0 2 -1 -1 -1 -1 -1 -1 -1 -1 -1 -1 -1 -1
##$RECPRE= (0..15)
-1 0 -1 -1 -1 -1 -1 -1 -1 -1 -1 -1 -1 -1 -1 -1
##$RECPRFX= (0..15)
1 0 0 0 0 0 0 0 0 0 0 0 0 0 0 0
##$RECSEL= (0..15)
0 0 1 0 0 0 0 0 0 0 0 0 0 0 0 0
##$SELREC= (0..9)
0 0 0 0 0 0 0 0 0 0
##$SFO1= 600.162821
##$SFO2= 600.162821
##$SFO3= 600.162821
##$SFO4= 600.162821
##$SFO5= 600.162821
##$SFO6= 600.162821
##$SFO7= 600.162821
##$SFO8= 600.162821
##$TY= (0..123)
0 0 0 0 0 0 0 0 0 0 0 0 0 0 0 0 0 0 0 0 0 0 0 0 0 0 0 0 0 0 0 0 0 0 0 0
0 0 0 0 0 0 0 0 0 0 0 0 0 0 0 0 0 0 0 0 0 0 0 0 0 0 0 0 0 0 0 0 0 0 0 0
0 0 0 0 0 0 0 0 0 0 0 0 0 0 0 0 0 0 0 0 0 0 0 0 0 0 0 0 0 0 0 0 0 0 0 0
0 0 0 0 0 0 0 0 0 0 0 0 0 0 0 0
##END=
