##TITLE= Parameter file, TopSpin 3.5 pl 6
##JCAMPDX= 5.0
##DATATYPE= Parameter Values
##NPOINTS= 1	$$ modification sequence number
##ORIGIN= Bruker BioSpin GmbH
##OWNER= nmrsu
$$ 2017-08-23 22:43:01.321 +0100  nmrsu@npc-nmr-01
$$ C:/IVDrData/data/UnitTest1_Urine_Rack1_SLL_270814/81/scon2
$$ process C:\Bruker\TopSpin3.5pl6\prog\mod\go4.exe
##$BLKTR= (0..19)
3 3 3 3 3 3 3 3 3 3 3 3 3 3 3 3 3 3 3 3
##$DE1= 4.5
##$DEADC= 0.5
##$DEPA= 4.5
##$DERX= 1.5
##$FILCOR= 0.4
##$GRADCHAN= 0
##$GRADPRE= (0..1)
10 10
##$HD_BLKTR= (0..19)
1 1 1 1 1 1 1 1 1 1 1 1 1 1 1 1 1 1 1 1
##$HD_DE1= 5
##$HD_DEADC= 0
##$HD_DEPA= 2.5
##$HD_DERX= 0
##END=
