##TITLE= Parameter file, TopSpin 3.5 pl 6
##JCAMPDX= 5.0
##DATATYPE= Parameter Values
##NPOINTS= 4501	$$ modification sequence number
##ORIGIN= Bruker BioSpin GmbH
##OWNER= nmrsu
$$ 2017-04-19 08:47:02.494 +0100  nmrsu@CZC2102HWT
$$ C:/Bruker/TopSpin3.5pl6/conf/instr/SpecWindow/specpar
$$ process C:\Bruker\TopSpin3.5pl6\prog\mod\hconfserver.exe
##$HPPRECH= (0..15)
-1 -1 -1 -1 -1 -1 -1 -1 -1 -1 -1 -1 -1 -1 -1 -1
##$HPSELECT= no
##$NUC1= 1
##$NUC2= 0
##$NUC3= 0
##$NUC4= 0
##$NUC5= 0
##$NUC6= 0
##$NUC7= 0
##$NUC8= 0
##$NUCARR= (0..123)
600.45 600.45 92.172731 640.463832 457.419429 88.362738 233.357669 84.374111
64.510294 192.648222 150.983273 43.375817 60.84307 81.399746 564.987489
47.4013 158.830434 36.757357 156.45841 119.292524 243.066615 46.090542
58.831545 48.971051 28.019237 15.379356 40.410459 145.859795 33.850573
33.859598 59.86672 157.936051 33.940412 148.846859 19.441238 142.469216
53.656518 159.212158 170.549975 37.568974 144.11613 183.117459 20.945587
102.812736 114.5149 31.329812 150.436623 162.160637 23.102914 57.973105
196.469966 26.022434 29.423239 55.819621 146.967163 39.130882 39.952112
135.151243 27.651629 30.99144 19.133021 27.477192 24.305129 27.942139 127.38835
133.258919 131.292926 131.574381 196.459728 213.953899 223.9116 143.69115
77.813618 157.136216 189.440588 120.13495 166.986262 49.500624 78.755875
59.651447 66.727576 79.225174 84.817411 183.85779 32.724525 20.17512 25.038765
20.65548 149.27187 65.92941 18.433815 24.198135 144.34818 20.65548 28.94169
128.13603 17.29296 49.777305 105.074583 28.947695 68.475318 48.82259 24.060031
15.113327 71.991553 25.017071 135.248961 136.611982 13.704256 46.627344
10.315731 11.23442 129.07744 10.381781 107.545531 39.69925 342.996254 346.362605
125.617737 96.48804 11.056686 100 100 100
##$NUCOFFS= (0..127)
<> <> <> <> <> <> <> <> <> <> <> <> <> <> <> <> <> <> <> <> <> <> <> <>
<> <> <> <> <> <> <> <> <> <> <> <> <> <> <> <> <> <> <> <> <> <> <> <>
<> <> <> <> <> <> <> <> <> <> <> <> <> <> <> <> <> <> <> <> <> <> <> <>
<> <> <> <> <> <> <> <> <> <> <> <> <> <> <> <> <> <> <> <> <> <> <> <>
<> <> <> <> <> <> <> <> <> <> <> <> <> <> <> <> <> <> <> <> <> <> <> <>
<> <> <> <> <> <> <> <>
##$OFFS= (0..127)
0 0 0 0 0 0 0 0 0 0 0 0 0 0 0 0 0 0 0 0 0 0 0 0 0 0 0 0 0 0 0 0 0 0 0 0
0 0 0 0 0 0 0 0 0 0 0 0 0 0 0 0 0 0 0 0 0 0 0 0 0 0 0 0 0 0 0 0 0 0 0 0
0 0 0 0 0 0 0 0 0 0 0 0 0 0 0 0 0 0 0 0 0 0 0 0 0 0 0 0 0 0 0 0 0 0 0 0
0 0 0 0 0 0 0 0 0 0 0 0 0 0 0 0 0 0 0 0
##$OFFSF= (0..7)
-35425 0 0 0 0 0 0 0
##$OFFSH= (0..7)
2851.99999996166 0 0 0 0 0 0 0
##$OFFSX= (0..7)
7473.30000001512 5981.1 669.7 0 0 0 0 0
##$PRECHAN= (0..15)
-1 1 0 2 -1 -1 -1 -1 -1 -1 -1 -1 -1 -1 -1 -1
##$RECPRE= (0..15)
-1 0 -1 -1 -1 -1 -1 -1 -1 -1 -1 -1 -1 -1 -1 -1
##$RECPRFX= (0..15)
1 0 0 0 0 0 0 0 0 0 0 0 0 0 0 0
##$RECSEL= (0..15)
0 0 1 0 0 0 0 0 0 0 0 0 0 0 0 0
##$SELREC= (0..9)
0 0 0 0 0 0 0 0 0 0
##$SFO1= 600.452821
##$SFO2= 600.452821
##$SFO3= 600.452821
##$SFO4= 600.452821
##$SFO5= 600.452821
##$SFO6= 600.452821
##$SFO7= 600.452821
##$SFO8= 600.452821
##END=
